PATH
  remote: .
  specs:
    astrolabe-rb (0.0.1)
      rlet

GEM
  remote: http://rubygems.org/
  specs:
    diff-lcs (1.3)
    rlet (0.9.0)
    rspec (3.7.0)
      rspec-core (~> 3.7.0)
      rspec-expectations (~> 3.7.0)
      rspec-mocks (~> 3.7.0)
    rspec-core (3.7.1)
      rspec-support (~> 3.7.0)
    rspec-expectations (3.7.0)
      diff-lcs (>= 1.2.0, < 2.0)
      rspec-support (~> 3.7.0)
    rspec-mocks (3.7.0)
      diff-lcs (>= 1.2.0, < 2.0)
      rspec-support (~> 3.7.0)
    rspec-support (3.7.1)

PLATFORMS
  ruby

DEPENDENCIES
  astrolabe-rb!
  rspec

BUNDLED WITH
   1.16.3
